GEM
  remote: https://rubygems.org/
  specs:
    builder (3.2.4)
    cabin (0.9.0)
    hashie (4.1.0)
    httparty (0.18.1)
      mime-types (~> 3.0)
      multi_xml (>= 0.5.2)
    logger (1.4.2)
    mime-types (3.3.1)
      mime-types-data (~> 3.2015)
    mime-types-data (3.2020.0512)
    multi_xml (0.6.0)
    privatbank (0.0.3)
      builder
      hashie
      httparty

PLATFORMS
  ruby

DEPENDENCIES
  cabin (= 0.9.0)
  logger (= 1.4.2)
  privatbank (= 0.0.3)

BUNDLED WITH
   1.17.2
