GEM
  remote: https://rubygems.org/
  specs:
    builder (3.2.4)
    cabin (0.9.0)
    hashie (4.1.0)
    httparty (0.21.0)
      mini_mime (>= 1.0.0)
      multi_xml (>= 0.5.2)
    logger (1.4.2)
    mini_mime (1.1.2)
    multi_xml (0.6.0)
    privatbank (0.0.3)
      builder
      hashie
      httparty

PLATFORMS
  ruby

DEPENDENCIES
  cabin (= 0.9.0)
  logger (= 1.4.2)
  privatbank (= 0.0.3)

BUNDLED WITH
   1.17.2
